GEM
  remote: https://rubygems.org/
  specs:
    ast (2.4.2)
    awesome_print (1.9.2)
    gnuplot (2.6.2)
    haml (5.2.2)
      temple (>= 0.8.0)
      tilt
    mini_portile2 (2.8.0)
    nokogiri (1.13.2)
      mini_portile2 (~> 2.8.0)
      racc (~> 1.4)
    parser (3.0.2.0)
      ast (~> 2.4.1)
    racc (1.6.0)
    rack (2.2.3)
    rollbar (2.27.1)
    rubyzip (2.3.2)
    scout_apm (2.6.10)
      parser
    temple (0.8.2)
    tilt (2.0.10)
    webrick (1.7.0)
    zeitwerk (2.5.1)

PLATFORMS
  ruby

DEPENDENCIES
  awesome_print (~> 1.8)
  gnuplot (~> 2.6)
  haml (~> 5.1)
  nokogiri (~> 1.13)
  rack (~> 2.2, >= 2.2.3)
  rollbar (~> 2.24)
  rubyzip (~> 2.3)
  scout_apm (~> 2.6)
  webrick (~> 1.7)
  zeitwerk (~> 2.3)

RUBY VERSION
   ruby 3.0.3p157

BUNDLED WITH
   2.2.32
