GEM
  remote: https://rubygems.org/
  specs:
    gnuplot (2.6.2)
    haml (5.1.2)
      temple (>= 0.8.0)
      tilt
    rack (2.2.2)
    temple (0.8.2)
    tilt (2.0.10)

PLATFORMS
  ruby

DEPENDENCIES
  gnuplot (~> 2.6)
  haml (~> 5.1)
  rack (~> 2.2)

RUBY VERSION
   ruby 2.7.0p0

BUNDLED WITH
   2.1.2
