GEM
  remote: https://rubygems.org/
  specs:
    gnuplot (2.6.2)

PLATFORMS
  ruby

DEPENDENCIES
  gnuplot (~> 2.6)

RUBY VERSION
   ruby 2.7.0p0

BUNDLED WITH
   2.1.2
