GEM
  remote: https://rubygems.org/
  specs:
    ast (2.4.2)
    awesome_print (1.9.2)
    gnuplot (2.6.2)
    haml (5.2.1)
      temple (>= 0.8.0)
      tilt
    mini_portile2 (2.5.1)
    nokogiri (1.11.6)
      mini_portile2 (~> 2.5.0)
      racc (~> 1.4)
    parser (3.0.1.1)
      ast (~> 2.4.1)
    racc (1.5.2)
    rack (2.2.3)
    rollbar (2.27.1)
    rubyzip (2.3.0)
    scout_apm (2.6.10)
      parser
    temple (0.8.2)
    tilt (2.0.10)
    zeitwerk (2.4.2)

PLATFORMS
  ruby

DEPENDENCIES
  awesome_print (~> 1.8)
  gnuplot (~> 2.6)
  haml (~> 5.1)
  nokogiri (~> 1.11, >= 1.11.4)
  rack (~> 2.2, >= 2.2.3)
  rollbar (~> 2.24)
  rubyzip (~> 2.3)
  scout_apm (~> 2.6)
  zeitwerk (~> 2.3)

RUBY VERSION
   ruby 3.0.1p64

BUNDLED WITH
   2.2.15
