GEM
  remote: https://rubygems.org/
  specs:
    ast (2.4.1)
    awesome_print (1.8.0)
    concurrent-ruby (1.1.7)
    et-orbi (1.2.4)
      tzinfo
    fugit (1.3.9)
      et-orbi (~> 1.1, >= 1.1.8)
      raabro (~> 1.3)
    gnuplot (2.6.2)
    haml (5.2.0)
      temple (>= 0.8.0)
      tilt
    mini_portile2 (2.4.0)
    nokogiri (1.10.10)
      mini_portile2 (~> 2.4.0)
    parser (2.7.1.5)
      ast (~> 2.4.1)
    raabro (1.3.3)
    rack (2.2.3)
    rollbar (2.27.1)
    rubyzip (2.3.0)
    rufus-scheduler (3.6.0)
      fugit (~> 1.1, >= 1.1.6)
    scout_apm (2.6.9)
      parser
    temple (0.8.2)
    tilt (2.0.10)
    tzinfo (2.0.2)
      concurrent-ruby (~> 1.0)
    zeitwerk (2.4.0)

PLATFORMS
  ruby

DEPENDENCIES
  awesome_print (~> 1.8)
  gnuplot (~> 2.6)
  haml (~> 5.1)
  nokogiri (~> 1.10.9)
  rack (~> 2.2, >= 2.2.3)
  rollbar (~> 2.24)
  rubyzip (~> 2.3)
  rufus-scheduler (~> 3.6)
  scout_apm (~> 2.6)
  zeitwerk (~> 2.3)

RUBY VERSION
   ruby 2.7.2p137

BUNDLED WITH
   2.1.4
