GEM
  remote: https://rubygems.org/
  specs:
    et-orbi (1.2.4)
      tzinfo
    fugit (1.3.3)
      et-orbi (~> 1.1, >= 1.1.8)
      raabro (~> 1.1)
    gnuplot (2.6.2)
    haml (5.1.2)
      temple (>= 0.8.0)
      tilt
    raabro (1.1.6)
    rack (2.2.2)
    rollbar (2.24.0)
    rufus-scheduler (3.6.0)
      fugit (~> 1.1, >= 1.1.6)
    temple (0.8.2)
    thread_safe (0.3.6)
    tilt (2.0.10)
    tzinfo (1.2.6)
      thread_safe (~> 0.1)

PLATFORMS
  ruby

DEPENDENCIES
  gnuplot (~> 2.6)
  haml (~> 5.1)
  rack (~> 2.2)
  rollbar (~> 2.24)
  rufus-scheduler (~> 3.6)

RUBY VERSION
   ruby 2.7.0p0

BUNDLED WITH
   2.1.2
